GEM
  remote: https://rubygems.org/
  specs:
    colorize (0.7.7)
    rb-readline (0.5.3)
    sqlite3 (1.3.10)

PLATFORMS
  ruby

DEPENDENCIES
  colorize
  rb-readline
  sqlite3
